GEM
  remote: https://rubygems.org/
  specs:
    activesupport (3.0.20)
    addressable (2.3.5)
    chatterbot (0.6.6)
      activesupport (~> 3.0.11)
      launchy (>= 2.1.2)
      oauth
      twitter (>= 4.4.0)
    faraday (0.8.8)
      multipart-post (~> 1.2.0)
    google-search (1.0.3)
      json
    httparty (0.10.2)
      multi_json (~> 1.0)
      multi_xml (>= 0.5.2)
    json (1.8.0)
    launchy (2.3.0)
      addressable (~> 2.3)
    multi_json (1.8.0)
    multi_xml (0.5.3)
    multipart-post (1.2.0)
    mysql2 (0.3.13)
    oauth (0.4.7)
    sequel (4.3.0)
    simple_oauth (0.2.0)
    twitter (4.8.1)
      faraday (~> 0.8, < 0.10)
      multi_json (~> 1.0)
      simple_oauth (~> 0.2)

PLATFORMS
  ruby

DEPENDENCIES
  chatterbot
  google-search
  httparty
  mysql2
  sequel
